REDIRECTS: ON
FRAMEWORK: >= NET45
NUGET
  remote: https://www.nuget.org/api/v2
    EntityFramework (6.1.3) - framework: net45, net451, >= net46
    FAKE (4.45.1)
    FluentMigrator (1.6.2)
    Microsoft.AspNet.Mvc (5.2.2)
      Microsoft.AspNet.Razor (>= 3.2.2 < 3.3)
      Microsoft.AspNet.WebPages (>= 3.2.2 < 3.3)
    Microsoft.AspNet.Razor (3.2.3)
    Microsoft.AspNet.WebApi (5.2.2)
      Microsoft.AspNet.WebApi.WebHost (>= 5.2.2 < 5.3)
    Microsoft.AspNet.WebApi.Client (5.2.3)
      Newtonsoft.Json (>= 6.0.4)
    Microsoft.AspNet.WebApi.Core (5.2.3)
      Microsoft.AspNet.WebApi.Client (>= 5.2.3)
    Microsoft.AspNet.WebApi.OData (5.3.1)
      Microsoft.AspNet.WebApi.Client (>= 5.2.2)
      Microsoft.AspNet.WebApi.Core (>= 5.2.2 < 5.3)
      Microsoft.Data.OData (>= 5.6)
    Microsoft.AspNet.WebApi.WebHost (5.2.3)
      Microsoft.AspNet.WebApi.Core (>= 5.2.3 < 5.3)
    Microsoft.AspNet.WebPages (3.2.3)
      Microsoft.AspNet.Razor (>= 3.2.3 < 3.3)
      Microsoft.Web.Infrastructure (>= 1.0)
    Microsoft.Data.Edm (5.8.1)
    Microsoft.Data.OData (5.8.1)
      Microsoft.Data.Edm (5.8.1)
      System.Spatial (5.8.1)
    Microsoft.Web.Infrastructure (1.0)
    NUnit (2.6.4)
    NUnit.Runners (2.6.4)
    System.Data.SQLite (1.0.103)
      System.Data.SQLite.Core (>= 1.0.103) - framework: net45, net451, >= net46
      System.Data.SQLite.EF6 (>= 1.0.103) - framework: net45, net451, >= net46
      System.Data.SQLite.Linq (>= 1.0.103) - framework: net45, net451, >= net46
    System.Data.SQLite.Core (1.0.103) - framework: net45, net451, >= net46
    System.Data.SQLite.EF6 (1.0.103) - framework: net45, net451, >= net46
      EntityFramework (>= 6.0) - framework: net45, net451, >= net46
    System.Data.SQLite.Linq (1.0.103) - framework: net45, net451, >= net46
    System.Spatial (5.8.1)
  remote: https://dotnet.myget.org/F/dotnet-core
    Newtonsoft.Json (9.0.1)
