NUGET
  remote: https://www.nuget.org/api/v2
  specs:
    EntityFramework (6.1.2) - framework: >= net45
    FAKE (4.25.5)
    FluentMigrator (1.4) - framework: >= net45
    Microsoft.AspNet.Mvc (5.2.2) - framework: >= net45
      Microsoft.AspNet.Razor (>= 3.2.2 < 3.3)
      Microsoft.AspNet.WebPages (>= 3.2.2 < 3.3)
    Microsoft.AspNet.Razor (3.2.2) - framework: >= net45
    Microsoft.AspNet.WebApi (5.2.2) - framework: >= net45
      Microsoft.AspNet.WebApi.WebHost (>= 5.2.2 < 5.3)
    Microsoft.AspNet.WebApi.Client (5.2.2) - framework: >= net45
      Newtonsoft.Json (>= 6.0.4) - framework: >= net45, portable-wp80+win+net45+wp81+wpa81
    Microsoft.AspNet.WebApi.Core (5.2.2) - framework: >= net45
      Microsoft.AspNet.WebApi.Client (>= 5.2.2)
    Microsoft.AspNet.WebApi.OData (5.3.1) - framework: >= net45
      Microsoft.AspNet.WebApi.Client (>= 5.2.2)
      Microsoft.AspNet.WebApi.Core (>= 5.2.2 < 5.3)
      Microsoft.Data.OData (>= 5.6)
    Microsoft.AspNet.WebApi.WebHost (5.2.2) - framework: >= net45
      Microsoft.AspNet.WebApi.Core (>= 5.2.2 < 5.3)
    Microsoft.AspNet.WebPages (3.2.2) - framework: >= net45
      Microsoft.AspNet.Razor (>= 3.2.2 < 3.3)
      Microsoft.Web.Infrastructure (>= 1.0)
    Microsoft.Data.Edm (5.6) - framework: >= net45
    Microsoft.Data.OData (5.6) - framework: >= net45
      Microsoft.Data.Edm (5.6)
      System.Spatial (5.6)
    Microsoft.Web.Infrastructure (1.0) - framework: >= net45
    Newtonsoft.Json (6.0.4) - framework: >= net45
    NuGet.CommandLine (3.4.3)
    NUnit (2.6.4) - framework: >= net45
    NUnit.Runners (2.6.4)
    System.Data.SQLite (1.0.94.1) - framework: >= net45
      System.Data.SQLite.Core (>= 1.0.94) - framework: net20, >= net40
      System.Data.SQLite.EF6 (>= 1.0.94) - framework: >= net40
      System.Data.SQLite.Linq (>= 1.0.94.1) - framework: net20, >= net40
    System.Data.SQLite.Core (1.0.94) - framework: >= net45
    System.Data.SQLite.EF6 (1.0.94) - framework: >= net45
      EntityFramework (>= 6.1.1) - framework: >= net40
      System.Data.SQLite.Core (>= 1.0.94) - framework: >= net40
    System.Data.SQLite.Linq (1.0.94.1) - framework: >= net45
      System.Data.SQLite.Core (>= 1.0.94) - framework: net20, >= net40
    System.Spatial (5.6) - framework: >= net45
